GEM
  remote: https://rubygems.org/
  specs:
    diff-lcs (1.5.0)
    mysql2 (0.5.4)
    rspec (3.9.0)
      rspec-core (~> 3.9.0)
      rspec-expectations (~> 3.9.0)
      rspec-mocks (~> 3.9.0)
    rspec-core (3.9.3)
      rspec-support (~> 3.9.3)
    rspec-expectations (3.9.4)
      diff-lcs (>= 1.2.0, < 2.0)
      rspec-support (~> 3.9.0)
    rspec-mocks (3.9.1)
      diff-lcs (>= 1.2.0, < 2.0)
      rspec-support (~> 3.9.0)
    rspec-support (3.9.4)

PLATFORMS
  arm64-darwin-21

DEPENDENCIES
  mysql2 (~> 0.5.4)
  rspec (~> 3.9.0)

BUNDLED WITH
   2.3.7
